GIT
  remote: git://github.com/cinchrb/cinch.git
  revision: 9a2b3062f03fc839f8a488e9c9928bf4da9594ed
  ref: 9a2b3062f0
  specs:
    cinch (2.0.9)

GEM
  remote: https://rubygems.org/
  specs:
    cinch-identify (1.7.0)
      cinch (~> 2.0)
    gruff (0.6.0)
      rmagick (>= 2.13.4)
    rmagick (2.15.4)
    sqlite3 (1.3.11)

PLATFORMS
  ruby

DEPENDENCIES
  cinch!
  cinch-identify
  gruff
  sqlite3
